GEM
  remote: https://rubygems.org/
  specs:
    curses (1.4.0)

PLATFORMS
  ruby

DEPENDENCIES
  curses

BUNDLED WITH
   2.1.4
